PATH
  remote: .
  specs:
    rsaf (0.1.0)

GEM
  remote: https://rubygems.org/
  specs:
    ast (2.4.1)
    coderay (1.1.3)
    colorize (0.8.1)
    method_source (1.0.0)
    minitest (5.14.1)
    parallel (1.19.2)
    parser (2.7.1.4)
      ast (~> 2.4.1)
    pry (0.13.1)
      coderay (~> 1.1)
      method_source (~> 1.0)
    rainbow (3.0.0)
    rake (13.0.1)
    regexp_parser (1.7.1)
    rexml (3.2.4)
    rubocop (0.86.0)
      parallel (~> 1.10)
      parser (>= 2.7.0.1)
      rainbow (>= 2.2.2, < 4.0)
      regexp_parser (>= 1.7)
      rexml
      rubocop-ast (>= 0.0.3, < 1.0)
      ruby-progressbar (~> 1.7)
      unicode-display_width (>= 1.4.0, < 2.0)
    rubocop-ast (0.2.0)
      parser (>= 2.7.0.1)
    rubocop-shopify (1.0.4)
      rubocop (>= 0.85, < 0.87)
    rubocop-sorbet (0.4.0)
      rubocop
    ruby-progressbar (1.10.1)
    sorbet (0.5.5868)
      sorbet-static (= 0.5.5868)
    sorbet-runtime (0.5.5868)
    sorbet-static (0.5.5868-universal-darwin-14)
    tapioca (0.4.0)
      pry (>= 0.12.2)
      sorbet-runtime
      sorbet-static (>= 0.4.4471)
      thor (>= 0.19.2)
    thor (1.0.1)
    unicode-display_width (1.7.0)

PLATFORMS
  ruby

DEPENDENCIES
  bundler (~> 1.17)
  colorize
  minitest (~> 5.0)
  parser
  rake (~> 13.0)
  rsaf!
  rubocop
  rubocop-shopify
  rubocop-sorbet
  sorbet
  sorbet-runtime
  tapioca

BUNDLED WITH
   1.17.3
