PATH
  remote: .
  specs:
    rsaf (0.1.0)

GEM
  remote: https://rubygems.org/
  specs:
    colorize (0.8.1)
    minitest (5.14.1)
    rake (10.5.0)

PLATFORMS
  ruby

DEPENDENCIES
  bundler (~> 1.17)
  colorize
  minitest (~> 5.0)
  rake (~> 10.0)
  rsaf!

BUNDLED WITH
   1.17.3
